GEM
  remote: https://rubygems.org/
  specs:
    activesupport (6.1.4.1)
      concurrent-ruby (~> 1.0, >= 1.0.2)
      i18n (>= 1.6, < 2)
      minitest (>= 5.1)
      tzinfo (~> 2.0)
      zeitwerk (~> 2.3)
    ast (2.4.2)
    coderay (1.1.3)
    committee (4.4.0)
      json_schema (~> 0.14, >= 0.14.3)
      openapi_parser (>= 0.11.1, < 1.0)
      rack (>= 1.5)
    concurrent-ruby (1.1.9)
    diff-lcs (1.4.4)
    i18n (1.8.11)
      concurrent-ruby (~> 1.0)
    json_schema (0.21.0)
    jsonapi-serializers (1.0.1)
      activesupport
    method_source (1.0.0)
    minitest (5.14.4)
    openapi_parser (0.15.0)
    parallel (1.21.0)
    parser (3.0.2.0)
      ast (~> 2.4.1)
    pry (0.14.1)
      coderay (~> 1.1)
      method_source (~> 1.0)
    rack (2.2.3)
    rack-test (1.1.0)
      rack (>= 1.0, < 3)
    rainbow (3.0.0)
    regexp_parser (2.1.1)
    rexml (3.2.5)
    roda (3.50.0)
      rack
    rspec (3.10.0)
      rspec-core (~> 3.10.0)
      rspec-expectations (~> 3.10.0)
      rspec-mocks (~> 3.10.0)
    rspec-core (3.10.1)
      rspec-support (~> 3.10.0)
    rspec-expectations (3.10.1)
      diff-lcs (>= 1.2.0, < 2.0)
      rspec-support (~> 3.10.0)
    rspec-mocks (3.10.2)
      diff-lcs (>= 1.2.0, < 2.0)
      rspec-support (~> 3.10.0)
    rspec-support (3.10.3)
    rubocop (1.22.3)
      parallel (~> 1.10)
      parser (>= 3.0.0.0)
      rainbow (>= 2.2.2, < 4.0)
      regexp_parser (>= 1.8, < 3.0)
      rexml
      rubocop-ast (>= 1.12.0, < 2.0)
      ruby-progressbar (~> 1.7)
      unicode-display_width (>= 1.4.0, < 3.0)
    rubocop-ast (1.12.0)
      parser (>= 3.0.1.1)
    ruby-progressbar (1.11.0)
    tzinfo (2.0.4)
      concurrent-ruby (~> 1.0)
    unicode-display_width (2.1.0)
    zeitwerk (2.5.1)

PLATFORMS
  ruby
  x86_64-darwin-20

DEPENDENCIES
  committee
  jsonapi-serializers
  pry
  rack
  rack-test
  roda
  rspec
  rubocop
  zeitwerk

BUNDLED WITH
   2.2.3
